GEM
  remote: https://rubygems.org/
  specs:
    addressable (2.5.2)
      public_suffix (>= 2.0.2, < 4.0)
    daemons (1.2.6)
    em-websocket (0.3.8)
      addressable (>= 2.1.1)
      eventmachine (>= 0.12.9)
    eventmachine (1.2.7)
    mysql2 (0.5.2)
    public_suffix (3.0.3)
    rack (1.6.4)
    rack-parser (0.6.1)
      rack
    rack-protection (1.5.5)
      rack
    sinatra (1.4.7)
      rack (~> 1.5)
      rack-protection (~> 1.4)
      tilt (>= 1.3, < 3)
    sinatra-websocket (0.3.1)
      em-websocket (~> 0.3.6)
      eventmachine
      thin (>= 1.3.1, < 2.0.0)
    thin (1.7.2)
      daemons (~> 1.0, >= 1.0.9)
      eventmachine (~> 1.0, >= 1.0.4)
      rack (>= 1, < 3)
    tilt (2.0.2)

PLATFORMS
  ruby

DEPENDENCIES
  mysql2
  rack-parser
  sinatra
  sinatra-websocket

BUNDLED WITH
   1.16.6
